PATH
  remote: .
  specs:
    member_reminder (0.1.3)
      chinese_pinyin

GEM
  remote: https://rubygems.org/
  specs:
    chinese_pinyin (1.0.1)
    rake (10.5.0)

PLATFORMS
  ruby

DEPENDENCIES
  bundler (~> 1.16)
  member_reminder!
  rake (~> 10.0)

BUNDLED WITH
   1.16.1
